GIT
  remote: https://github.com/rspec/rspec-core.git
  revision: 1e661db5c5b431c0ee88a383e8e3767f02dccbfe
  branch: main
  specs:
    rspec-core (3.14.0.pre)
      rspec-support (= 3.14.0.pre)

GIT
  remote: https://github.com/rspec/rspec-expectations.git
  revision: e859d358fff504f9132cb9eaa9b33765e73fc187
  branch: main
  specs:
    rspec-expectations (3.14.0.pre)
      diff-lcs (>= 1.2.0, < 2.0)
      rspec-support (= 3.14.0.pre)

GIT
  remote: https://github.com/rspec/rspec-mocks.git
  revision: 66c3dcac3bf91d6d12bb6d54dcc2092657cba33a
  branch: main
  specs:
    rspec-mocks (3.14.0.pre)
      diff-lcs (>= 1.2.0, < 2.0)
      rspec-support (= 3.14.0.pre)

GIT
  remote: https://github.com/rspec/rspec-rails.git
  revision: 4ab08fa954fe4e0ae6f2302fa7201dcad3f11521
  branch: main
  specs:
    rspec-rails (6.2.0.pre)
      actionpack (>= 6.1)
      activesupport (>= 6.1)
      railties (>= 6.1)
      rspec-core (~> 3.13)
      rspec-expectations (~> 3.13)
      rspec-mocks (~> 3.13)
      rspec-support (~> 3.13)

GIT
  remote: https://github.com/rspec/rspec-support.git
  revision: 8cbf7f9aecbefacd74da16ec2e713358ff72925b
  branch: main
  specs:
    rspec-support (3.14.0.pre)

GEM
  remote: https://rubygems.org/
  specs:
    actioncable (7.0.8.1)
      actionpack (= 7.0.8.1)
      activesupport (= 7.0.8.1)
      nio4r (~> 2.0)
      websocket-driver (>= 0.6.1)
    actionmailbox (7.0.8.1)
      actionpack (= 7.0.8.1)
      activejob (= 7.0.8.1)
      activerecord (= 7.0.8.1)
      activestorage (= 7.0.8.1)
      activesupport (= 7.0.8.1)
      mail (>= 2.7.1)
      net-imap
      net-pop
      net-smtp
    actionmailer (7.0.8.1)
      actionpack (= 7.0.8.1)
      actionview (= 7.0.8.1)
      activejob (= 7.0.8.1)
      activesupport (= 7.0.8.1)
      mail (~> 2.5, >= 2.5.4)
      net-imap
      net-pop
      net-smtp
      rails-dom-testing (~> 2.0)
    actionpack (7.0.8.1)
      actionview (= 7.0.8.1)
      activesupport (= 7.0.8.1)
      rack (~> 2.0, >= 2.2.4)
      rack-test (>= 0.6.3)
      rails-dom-testing (~> 2.0)
      rails-html-sanitizer (~> 1.0, >= 1.2.0)
    actiontext (7.0.8.1)
      actionpack (= 7.0.8.1)
      activerecord (= 7.0.8.1)
      activestorage (= 7.0.8.1)
      activesupport (= 7.0.8.1)
      globalid (>= 0.6.0)
      nokogiri (>= 1.8.5)
    actionview (7.0.8.1)
      activesupport (= 7.0.8.1)
      builder (~> 3.1)
      erubi (~> 1.4)
      rails-dom-testing (~> 2.0)
      rails-html-sanitizer (~> 1.1, >= 1.2.0)
    active_model_serializers (0.10.14)
      actionpack (>= 4.1)
      activemodel (>= 4.1)
      case_transform (>= 0.2)
      jsonapi-renderer (>= 0.1.1.beta1, < 0.3)
    active_storage_validations (1.1.4)
      activejob (>= 5.2.0)
      activemodel (>= 5.2.0)
      activestorage (>= 5.2.0)
      activesupport (>= 5.2.0)
    activejob (7.0.8.1)
      activesupport (= 7.0.8.1)
      globalid (>= 0.3.6)
    activemodel (7.0.8.1)
      activesupport (= 7.0.8.1)
    activerecord (7.0.8.1)
      activemodel (= 7.0.8.1)
      activesupport (= 7.0.8.1)
    activestorage (7.0.8.1)
      actionpack (= 7.0.8.1)
      activejob (= 7.0.8.1)
      activerecord (= 7.0.8.1)
      activesupport (= 7.0.8.1)
      marcel (~> 1.0)
      mini_mime (>= 1.1.0)
    activesupport (7.0.8.1)
      concurrent-ruby (~> 1.0, >= 1.0.2)
      i18n (>= 1.6, < 2)
      minitest (>= 5.1)
      tzinfo (~> 2.0)
    addressable (2.8.6)
      public_suffix (>= 2.0.2, < 6.0)
    ancestry (4.3.3)
      activerecord (>= 5.2.6)
    annotate (3.2.0)
      activerecord (>= 3.2, < 8.0)
      rake (>= 10.4, < 14.0)
    ast (2.4.2)
    aws-eventstream (1.3.0)
    aws-partitions (1.920.0)
    aws-sdk-core (3.193.0)
      aws-eventstream (~> 1, >= 1.3.0)
      aws-partitions (~> 1, >= 1.651.0)
      aws-sigv4 (~> 1.8)
      jmespath (~> 1, >= 1.6.1)
    aws-sdk-kms (1.80.0)
      aws-sdk-core (~> 3, >= 3.193.0)
      aws-sigv4 (~> 1.1)
    aws-sdk-s3 (1.148.0)
      aws-sdk-core (~> 3, >= 3.193.0)
      aws-sdk-kms (~> 1)
      aws-sigv4 (~> 1.8)
    aws-sigv4 (1.8.0)
      aws-eventstream (~> 1, >= 1.0.2)
    base64 (0.2.0)
    bcrypt (3.1.20)
    bigdecimal (3.1.7)
    bindex (0.8.1)
    bootsnap (1.18.3)
      msgpack (~> 1.2)
    builder (3.2.4)
    capybara (3.40.0)
      addressable
      matrix
      mini_mime (>= 0.1.3)
      nokogiri (~> 1.11)
      rack (>= 1.6.0)
      rack-test (>= 0.6.3)
      regexp_parser (>= 1.5, < 3.0)
      xpath (~> 3.2)
    case_transform (0.2)
      activesupport
    coderay (1.1.3)
    concurrent-ruby (1.2.3)
    crass (1.0.6)
    date (3.3.4)
    debug (1.9.2)
      irb (~> 1.10)
      reline (>= 0.3.8)
    devise (4.9.4)
      bcrypt (~> 3.0)
      orm_adapter (~> 0.1)
      railties (>= 4.1.0)
      responders
      warden (~> 1.2.3)
    diff-lcs (1.5.1)
    dotenv (2.8.1)
    dotenv-rails (2.8.1)
      dotenv (= 2.8.1)
      railties (>= 3.2)
    dry-core (1.0.1)
      concurrent-ruby (~> 1.0)
      zeitwerk (~> 2.6)
    dry-inflector (1.0.0)
    dry-logic (1.5.0)
      concurrent-ruby (~> 1.0)
      dry-core (~> 1.0, < 2)
      zeitwerk (~> 2.6)
    dry-types (1.7.2)
      bigdecimal (~> 3.0)
      concurrent-ruby (~> 1.0)
      dry-core (~> 1.0)
      dry-inflector (~> 1.0)
      dry-logic (~> 1.4)
      zeitwerk (~> 2.6)
    erubi (1.12.0)
    faraday (2.9.0)
      faraday-net_http (>= 2.0, < 3.2)
    faraday-net_http (3.1.0)
      net-http
    ffi (1.16.3)
    globalid (1.2.1)
      activesupport (>= 6.1)
    grape (2.0.0)
      activesupport (>= 5)
      builder
      dry-types (>= 1.1)
      mustermann-grape (~> 1.0.0)
      rack (>= 1.3.0)
      rack-accept
    grape-active_model_serializers (1.5.2)
      active_model_serializers (>= 0.10.0)
      grape (>= 0.8.0)
    grape-swagger (2.0.2)
      grape (>= 1.7, < 3.0)
      rack-test (~> 2)
    grape-swagger-rails (0.5.0)
      railties (>= 6.0.6.1)
    hashie (5.0.0)
    i18n (1.14.4)
      concurrent-ruby (~> 1.0)
    image_processing (1.12.2)
      mini_magick (>= 4.9.5, < 5)
      ruby-vips (>= 2.0.17, < 3)
    importmap-rails (2.0.1)
      actionpack (>= 6.0.0)
      activesupport (>= 6.0.0)
      railties (>= 6.0.0)
    io-console (0.7.2)
    irb (1.12.0)
      rdoc
      reline (>= 0.4.2)
    jbuilder (2.11.5)
      actionview (>= 5.0.0)
      activesupport (>= 5.0.0)
    jmespath (1.6.2)
    json (2.7.2)
    jsonapi-renderer (0.2.2)
    jwt (2.8.1)
      base64
    kaminari (1.2.2)
      activesupport (>= 4.1.0)
      kaminari-actionview (= 1.2.2)
      kaminari-activerecord (= 1.2.2)
      kaminari-core (= 1.2.2)
    kaminari-actionview (1.2.2)
      actionview
      kaminari-core (= 1.2.2)
    kaminari-activerecord (1.2.2)
      activerecord
      kaminari-core (= 1.2.2)
    kaminari-core (1.2.2)
    language_server-protocol (3.17.0.3)
    line-bot-api (1.28.0)
    loofah (2.22.0)
      crass (~> 1.0.2)
      nokogiri (>= 1.12.0)
    mail (2.8.1)
      mini_mime (>= 0.1.1)
      net-imap
      net-pop
      net-smtp
    marcel (1.0.4)
    matrix (0.4.2)
    method_source (1.1.0)
    mini_magick (4.12.0)
    mini_mime (1.1.5)
    mini_portile2 (2.8.6)
    minitest (5.22.3)
    msgpack (1.7.2)
    multi_xml (0.6.0)
    mustermann (3.0.0)
      ruby2_keywords (~> 0.0.1)
    mustermann-grape (1.0.2)
      mustermann (>= 1.0.0)
    net-http (0.4.1)
      uri
    net-imap (0.4.10)
      date
      net-protocol
    net-pop (0.1.2)
      net-protocol
    net-protocol (0.2.2)
      timeout
    net-smtp (0.5.0)
      net-protocol
    nio4r (2.7.1)
    nokogiri (1.16.4)
      mini_portile2 (~> 2.8.2)
      racc (~> 1.4)
    oauth2 (2.0.9)
      faraday (>= 0.17.3, < 3.0)
      jwt (>= 1.0, < 3.0)
      multi_xml (~> 0.5)
      rack (>= 1.2, < 4)
      snaky_hash (~> 2.0)
      version_gem (~> 1.1)
    omniauth (2.1.2)
      hashie (>= 3.4.6)
      rack (>= 2.2.3)
      rack-protection
    omniauth-line (0.1.0)
      json (>= 2.3.0)
      omniauth-oauth2 (~> 1.3)
    omniauth-oauth2 (1.8.0)
      oauth2 (>= 1.4, < 3)
      omniauth (~> 2.0)
    omniauth-rails_csrf_protection (1.0.1)
      actionpack (>= 4.2)
      omniauth (~> 2.0)
    orm_adapter (0.5.0)
    parallel (1.24.0)
    parser (3.3.0.5)
      ast (~> 2.4.1)
      racc
    pg (1.5.6)
    pry (0.14.2)
      coderay (~> 1.1)
      method_source (~> 1.0)
    pry-rails (0.3.9)
      pry (>= 0.10.4)
    psych (5.1.2)
      stringio
    public_suffix (5.0.5)
    puma (5.6.8)
      nio4r (~> 2.0)
    racc (1.7.3)
    rack (2.2.9)
    rack-accept (0.4.5)
      rack (>= 0.4)
    rack-cors (2.0.2)
      rack (>= 2.0.0)
    rack-protection (3.2.0)
      base64 (>= 0.1.0)
      rack (~> 2.2, >= 2.2.4)
    rack-test (2.1.0)
      rack (>= 1.3)
    rails (7.0.8.1)
      actioncable (= 7.0.8.1)
      actionmailbox (= 7.0.8.1)
      actionmailer (= 7.0.8.1)
      actionpack (= 7.0.8.1)
      actiontext (= 7.0.8.1)
      actionview (= 7.0.8.1)
      activejob (= 7.0.8.1)
      activemodel (= 7.0.8.1)
      activerecord (= 7.0.8.1)
      activestorage (= 7.0.8.1)
      activesupport (= 7.0.8.1)
      bundler (>= 1.15.0)
      railties (= 7.0.8.1)
    rails-dom-testing (2.2.0)
      activesupport (>= 5.0.0)
      minitest
      nokogiri (>= 1.6)
    rails-html-sanitizer (1.6.0)
      loofah (~> 2.21)
      nokogiri (~> 1.14)
    railties (7.0.8.1)
      actionpack (= 7.0.8.1)
      activesupport (= 7.0.8.1)
      method_source
      rake (>= 12.2)
      thor (~> 1.0)
      zeitwerk (~> 2.5)
    rainbow (3.1.1)
    rake (13.2.1)
    ransack (4.1.1)
      activerecord (>= 6.1.5)
      activesupport (>= 6.1.5)
      i18n
    rdoc (6.6.3.1)
      psych (>= 4.0.0)
    regexp_parser (2.9.0)
    reline (0.5.3)
      io-console (~> 0.5)
    responders (3.1.1)
      actionpack (>= 5.2)
      railties (>= 5.2)
    rexml (3.2.6)
    rubocop (1.63.3)
      json (~> 2.3)
      language_server-protocol (>= 3.17.0)
      parallel (~> 1.10)
      parser (>= 3.3.0.2)
      rainbow (>= 2.2.2, < 4.0)
      regexp_parser (>= 1.8, < 3.0)
      rexml (>= 3.2.5, < 4.0)
      rubocop-ast (>= 1.31.1, < 2.0)
      ruby-progressbar (~> 1.7)
      unicode-display_width (>= 2.4.0, < 3.0)
    rubocop-ast (1.31.2)
      parser (>= 3.3.0.4)
    rubocop-rails (2.24.1)
      activesupport (>= 4.2.0)
      rack (>= 1.1)
      rubocop (>= 1.33.0, < 2.0)
      rubocop-ast (>= 1.31.1, < 2.0)
    ruby-progressbar (1.13.0)
    ruby-vips (2.2.1)
      ffi (~> 1.12)
    ruby2_keywords (0.0.5)
    rubyzip (2.3.2)
    selenium-webdriver (4.10.0)
      rexml (~> 3.2, >= 3.2.5)
      rubyzip (>= 1.2.2, < 3.0)
      websocket (~> 1.0)
    snaky_hash (2.0.1)
      hashie
      version_gem (~> 1.1, >= 1.1.1)
    sprockets (4.2.1)
      concurrent-ruby (~> 1.0)
      rack (>= 2.2.4, < 4)
    sprockets-rails (3.4.2)
      actionpack (>= 5.2)
      activesupport (>= 5.2)
      sprockets (>= 3.0.0)
    stimulus-rails (1.3.3)
      railties (>= 6.0.0)
    stringio (3.1.0)
    stripe (8.7.0)
    swagger-docs (0.2.9)
      activesupport (>= 3)
      rails (>= 3)
    thor (1.3.1)
    timeout (0.4.1)
    turbo-rails (2.0.5)
      actionpack (>= 6.0.0)
      activejob (>= 6.0.0)
      railties (>= 6.0.0)
    tzinfo (2.0.6)
      concurrent-ruby (~> 1.0)
    unicode-display_width (2.5.0)
    uri (0.13.0)
    version_gem (1.1.4)
    warden (1.2.9)
      rack (>= 2.0.9)
    web-console (4.2.1)
      actionview (>= 6.0.0)
      activemodel (>= 6.0.0)
      bindex (>= 0.4.0)
      railties (>= 6.0.0)
    webdrivers (5.3.1)
      nokogiri (~> 1.6)
      rubyzip (>= 1.3.0)
      selenium-webdriver (~> 4.0, < 4.11)
    websocket (1.2.10)
    websocket-driver (0.7.6)
      websocket-extensions (>= 0.1.0)
    websocket-extensions (0.1.5)
    xpath (3.2.0)
      nokogiri (~> 1.8)
    zeitwerk (2.6.13)

PLATFORMS
  ruby

DEPENDENCIES
  active_storage_validations
  ancestry
  annotate
  aws-sdk-s3
  bootsnap
  capybara
  debug
  devise
  dotenv-rails (~> 2.1, >= 2.1.1)
  grape
  grape-active_model_serializers
  grape-swagger
  grape-swagger-rails
  image_processing (~> 1.2)
  importmap-rails
  jbuilder
  jwt
  kaminari
  line-bot-api
  omniauth
  omniauth-line
  omniauth-rails_csrf_protection
  pg (~> 1.1)
  pry-rails
  puma (~> 5.0)
  rack-cors
  rails (~> 7.0.4, >= 7.0.4.3)
  ransack
  rspec-core!
  rspec-expectations!
  rspec-mocks!
  rspec-rails!
  rspec-support!
  rubocop-rails
  selenium-webdriver
  sprockets-rails
  stimulus-rails
  stripe (~> 8.5)
  swagger-docs
  turbo-rails
  tzinfo-data
  web-console
  webdrivers

RUBY VERSION
   ruby 3.2.1p31

BUNDLED WITH
   2.5.6
